GIT
  remote: git://github.com/sinatra/sinatra
  revision: 962d3f549ec6b7a2adbbee8438f03b28cdf80d6f
  specs:
    sinatra (1.3.0)
      rack (~> 1.3)
      tilt (~> 1.3)

PATH
  remote: .
  specs:
    sinatra-contrib (1.3.1)
      backports (>= 2.0)
      eventmachine
      rack-protection
      rack-test
      sinatra (~> 1.3.0)
      tilt (~> 1.3)

GEM
  remote: http://rubygems.org/
  specs:
    backports (2.6.2)
    diff-lcs (1.1.2)
    erubis (2.7.0)
    eventmachine (0.12.10)
    eventmachine (0.12.10-java)
    haml (3.1.2)
    json (1.5.1)
    json (1.5.1-java)
    rack (1.3.2)
    rack-protection (1.2.0)
      rack
    rack-test (0.6.1)
      rack (>= 1.0)
    rake (0.9.2)
    rspec (2.6.0)
      rspec-core (~> 2.6.0)
      rspec-expectations (~> 2.6.0)
      rspec-mocks (~> 2.6.0)
    rspec-core (2.6.4)
    rspec-expectations (2.6.0)
      diff-lcs (~> 1.1.2)
    rspec-mocks (2.6.0)
    slim (0.9.4)
      temple (~> 0.3.0)
      tilt (~> 1.2)
    temple (0.3.1)
    tilt (1.3.2)
    yajl-ruby (0.8.3)

PLATFORMS
  java
  ruby

DEPENDENCIES
  erubis
  haml
  json
  rack
  rake
  rspec (~> 2.3)
  sinatra!
  sinatra-contrib!
  slim
  tilt
  yajl-ruby
